PATH
  remote: .
  specs:
    kalc (1.0.0)
      parslet (~> 1.6)

GEM
  remote: http://rubygems.org/
  specs:
    blankslate (3.1.3)
    diff-lcs (1.2.5)
    parslet (1.6.2)
      blankslate (>= 2.0, <= 4.0)
    rake (10.1.1)
    rspec (2.14.1)
      rspec-core (~> 2.14.0)
      rspec-expectations (~> 2.14.0)
      rspec-mocks (~> 2.14.0)
    rspec-core (2.14.7)
    rspec-expectations (2.14.4)
      diff-lcs (>= 1.1.3, < 2.0)
    rspec-mocks (2.14.4)

PLATFORMS
  java
  ruby

DEPENDENCIES
  kalc!
  rake
  rspec
