PATH
  remote: .
  specs:
    kalc (1.0.1)
      parslet (~> 1.6)

GEM
  remote: http://rubygems.org/
  specs:
    blankslate (3.1.3)
    diff-lcs (1.2.5)
    parslet (1.7.0)
      blankslate (>= 2.0, <= 4.0)
    rake (10.4.2)
    rspec (3.2.0)
      rspec-core (~> 3.2.0)
      rspec-expectations (~> 3.2.0)
      rspec-mocks (~> 3.2.0)
    rspec-core (3.2.2)
      rspec-support (~> 3.2.0)
    rspec-expectations (3.2.0)
      diff-lcs (>= 1.2.0, < 2.0)
      rspec-support (~> 3.2.0)
    rspec-mocks (3.2.1)
      diff-lcs (>= 1.2.0, < 2.0)
      rspec-support (~> 3.2.0)
    rspec-support (3.2.2)

PLATFORMS
  java
  ruby

DEPENDENCIES
  kalc!
  rake
  rspec
